GEM
  remote: http://rubygems.org/
  specs:
    addressable (2.2.6)
    crack (0.4.5)
      rexml
    diff-lcs (1.1.3)
    rack (1.4.1)
    rack-test (0.6.1)
      rack (>= 1.0)
    rexml (3.2.5)
    rspec (2.7.0)
      rspec-core (~> 2.7.0)
      rspec-expectations (~> 2.7.0)
      rspec-mocks (~> 2.7.0)
    rspec-core (2.7.1)
    rspec-expectations (2.7.0)
      diff-lcs (~> 1.1.2)
    rspec-mocks (2.7.0)
    webmock (1.7.8)
      addressable (~> 2.2, > 2.2.5)
      crack (>= 0.1.7)

PLATFORMS
  ruby

DEPENDENCIES
  bundler
  rack-test
  rspec
  webmock
